PATH
  remote: .
  specs:
    geokit_aws_geoplaces (0.0.1)
      aws-sdk-geoplaces
      geokit

GEM
  remote: https://rubygems.org/
  specs:
    aws-eventstream (1.4.0)
    aws-partitions (1.1126.0)
    aws-sdk-core (3.226.2)
      aws-eventstream (~> 1, >= 1.3.0)
      aws-partitions (~> 1, >= 1.992.0)
      aws-sigv4 (~> 1.9)
      base64
      jmespath (~> 1, >= 1.6.1)
      logger
    aws-sdk-geoplaces (1.8.0)
      aws-sdk-core (~> 3, >= 3.225.0)
      aws-sigv4 (~> 1.5)
    aws-sigv4 (1.12.1)
      aws-eventstream (~> 1, >= 1.0.2)
    base64 (0.3.0)
    geokit (1.14.0)
    jmespath (1.6.2)
    logger (1.7.0)
    rake (13.3.0)

PLATFORMS
  ruby
  x86_64-linux

DEPENDENCIES
  bundler
  geokit_aws_geoplaces!
  rake

BUNDLED WITH
   2.6.2
